GEM
  remote: https://rubygems.org/
  specs:
    chronic_duration (0.10.6)
      numerizer (~> 0.1.1)
    numerizer (0.1.1)
    spec (5.3.4)
      chronic_duration (~> 0.10.2)

PLATFORMS
  x86_64-linux

DEPENDENCIES
  spec

BUNDLED WITH
   2.3.7
